GEM
  remote: https://rubygems.org/
  specs:
    json (2.6.1)
    mustermann (1.1.1)
      ruby2_keywords (~> 0.0.1)
    nio4r (2.5.8)
    puma (5.5.2)
      nio4r (~> 2.0)
    rack (2.2.3)
    rack-protection (2.1.0)
      rack
    ruby2_keywords (0.0.5)
    rubyzip (2.3.2)
    sinatra (2.1.0)
      mustermann (~> 1.0)
      rack (~> 2.2)
      rack-protection (= 2.1.0)
      tilt (~> 2.0)
    tilt (2.0.10)
    xsv (1.0.6)
      rubyzip (>= 1.3, < 3)

PLATFORMS
  arm64-darwin-21

DEPENDENCIES
  json
  puma
  sinatra
  xsv

BUNDLED WITH
   2.2.3
